GIT
  remote: git://github.com/ministryofjustice/author.git
  revision: 1b944e6bd5379712ce8c0dd58b3cd4a4d4af23d1
  branch: controller_mixin
  specs:
    author (1.2)
      httparty (>= 0.12.0)

GIT
  remote: git://github.com/ministryofjustice/civil-claims-assets.git
  revision: b568c02a2ffed2a7ec83dac13b34503f1e7de728
  tag: v0.2.1
  specs:
    civil_claims_assets (0.2.1)

GIT
  remote: git://github.com/ministryofjustice/govuk_frontend_toolkit_gem.git
  revision: 145acb0dbfd64ea08a5d62189deb7fb2365bd41f
  branch: asset-submodule
  specs:
    govuk_frontend_toolkit (0.39.0)
      rails (>= 3.1.0)
      sass (>= 3.2.0)

GIT
  remote: git://github.com/ministryofjustice/moj_boilerplate.git
  revision: ce40310108938d5690a7844d7c9e8a92e0a81bd0
  tag: v0.6.2
  specs:
    moj_boilerplate (0.6.2)
      govuk_frontend_toolkit (= 0.39.0)
      govuk_template (= 0.3.8)

GIT
  remote: git://github.com/ministryofjustice/x-moj-auth.git
  revision: 46d4cd72a2561e7162132f30524b0352e739c8de
  specs:
    rack_moj_auth (0.0.2)
      httparty (>= 0.12.0)
      rack (>= 1.5.0)

GEM
  remote: https://rubygems.org/
  remote: https://BnrJb6FZyzspBboNJzYZ@gem.fury.io/govuk/
  specs:
    actionmailer (4.0.2)
      actionpack (= 4.0.2)
      mail (~> 2.5.4)
    actionpack (4.0.2)
      activesupport (= 4.0.2)
      builder (~> 3.1.0)
      erubis (~> 2.7.0)
      rack (~> 1.5.2)
      rack-test (~> 0.6.2)
    activemodel (4.0.2)
      activesupport (= 4.0.2)
      builder (~> 3.1.0)
    activerecord (4.0.2)
      activemodel (= 4.0.2)
      activerecord-deprecated_finders (~> 1.0.2)
      activesupport (= 4.0.2)
      arel (~> 4.0.0)
    activerecord-deprecated_finders (1.0.3)
    activeresource (4.0.0)
      activemodel (~> 4.0)
      activesupport (~> 4.0)
      rails-observers (~> 0.1.1)
    activesupport (4.0.2)
      i18n (~> 0.6, >= 0.6.4)
      minitest (~> 4.2)
      multi_json (~> 1.3)
      thread_safe (~> 0.1)
      tzinfo (~> 0.3.37)
    arel (4.0.1)
    atomic (1.1.14)
    awesome_print (1.2.0)
    builder (3.1.4)
    byebug (2.5.0)
      columnize (~> 0.3.6)
      debugger-linecache (~> 1.2.0)
    columnize (0.3.6)
    debugger-linecache (1.2.0)
    dotenv (0.9.0)
    dotenv-rails (0.9.0)
      dotenv (= 0.9.0)
    erubis (2.7.0)
    execjs (2.0.2)
    govuk_template (0.3.8)
      rails (>= 3.1)
    haml (4.0.5)
      tilt
    haml-rails (0.5.3)
      actionpack (>= 4.0.1)
      activesupport (>= 4.0.1)
      haml (>= 3.1, < 5.0)
      railties (>= 4.0.1)
    hashie (2.0.5)
    hike (1.2.3)
    httparty (0.12.0)
      json (~> 1.8)
      multi_xml (>= 0.5.2)
    i18n (0.6.9)
    jquery-rails (3.0.4)
      railties (>= 3.0, < 5.0)
      thor (>= 0.14, < 2.0)
    json (1.8.1)
    kgio (2.8.1)
    libv8 (3.16.14.3)
    mail (2.5.4)
      mime-types (~> 1.16)
      treetop (~> 1.4.8)
    mime-types (1.25.1)
    minitest (4.7.5)
    multi_json (1.8.4)
    multi_xml (0.5.5)
    polyglot (0.3.3)
    rack (1.5.2)
    rack-test (0.6.2)
      rack (>= 1.0)
    rails (4.0.2)
      actionmailer (= 4.0.2)
      actionpack (= 4.0.2)
      activerecord (= 4.0.2)
      activesupport (= 4.0.2)
      bundler (>= 1.3.0, < 2.0)
      railties (= 4.0.2)
      sprockets-rails (~> 2.0.0)
    rails-observers (0.1.2)
      activemodel (~> 4.0)
    railties (4.0.2)
      actionpack (= 4.0.2)
      activesupport (= 4.0.2)
      rake (>= 0.8.7)
      thor (>= 0.18.1, < 2.0)
    raindrops (0.12.0)
    rake (10.1.1)
    ref (1.0.5)
    sass (3.2.13)
    sass-rails (4.0.1)
      railties (>= 4.0.0, < 5.0)
      sass (>= 3.1.10)
      sprockets-rails (~> 2.0.0)
    sprockets (2.10.1)
      hike (~> 1.2)
      multi_json (~> 1.0)
      rack (~> 1.0)
      tilt (~> 1.1, != 1.3.0)
    sprockets-rails (2.0.1)
      actionpack (>= 3.0)
      activesupport (>= 3.0)
      sprockets (~> 2.8)
    therubyracer (0.12.0)
      libv8 (~> 3.16.14.0)
      ref
    thor (0.18.1)
    thread_safe (0.1.3)
      atomic
    tilt (1.4.1)
    treetop (1.4.15)
      polyglot
      polyglot (>= 0.3.1)
    tzinfo (0.3.38)
    uglifier (2.4.0)
      execjs (>= 0.3.0)
      json (>= 1.8.0)
    unicorn (4.8.0)
      kgio (~> 2.6)
      rack
      raindrops (~> 0.7)

PLATFORMS
  ruby

DEPENDENCIES
  activeresource (= 4.0.0)
  author!
  awesome_print
  byebug
  civil_claims_assets!
  dotenv-rails
  govuk_frontend_toolkit!
  govuk_template (= 0.3.8)
  haml-rails
  hashie
  jquery-rails
  moj_boilerplate!
  rack_moj_auth!
  rails (= 4.0.2)
  sass-rails (~> 4.0.0)
  therubyracer
  uglifier
  unicorn
